GEM
  remote: https://rubygems.org/
  specs:
    yahoo-finance (0.2.0)

PLATFORMS
  ruby

DEPENDENCIES
  yahoo-finance
